GIT
  remote: git://github.com/democracyworks/synapse.git
  revision: 946eb22493d49df99efe817a9affc98862c0c949
  branch: v0.11.1-turbovote
  specs:
    synapse (0.11.1)
      docker-api (~> 1.7.2)
      zk (~> 1.9.4)

GEM
  remote: https://rubygems.org/
  specs:
    archive-tar-minitar (0.5.2)
    docker-api (1.7.6)
      archive-tar-minitar
      excon (>= 0.28)
      json
    excon (0.44.3)
    json (1.8.2)
    little-plugger (1.1.3)
    logging (1.8.2)
      little-plugger (>= 1.1.3)
      multi_json (>= 1.8.4)
    multi_json (1.10.1)
    zk (1.9.5)
      logging (~> 1.8.2)
      zookeeper (~> 1.4.0)
    zookeeper (1.4.10)

PLATFORMS
  ruby

DEPENDENCIES
  synapse!
