GIT
  remote: git://github.com/democracyworks/synapse.git
  revision: 8a4b1ea7608f6ddd66089c1bd92fe862d77c87c5
  branch: v0.12.1-democracyworks
  specs:
    synapse (0.12.1)
      aws-sdk (~> 1.39)
      docker-api (~> 1.7.2)
      zk (~> 1.9.4)

GEM
  remote: https://rubygems.org/
  specs:
    archive-tar-minitar (0.5.2)
    aws-sdk (1.66.0)
      aws-sdk-v1 (= 1.66.0)
    aws-sdk-v1 (1.66.0)
      json (~> 1.4)
      nokogiri (>= 1.4.4)
    docker-api (1.7.6)
      archive-tar-minitar
      excon (>= 0.28)
      json
    excon (0.45.4)
    json (1.8.3)
    mini_portile2 (2.0.0)
    nokogiri (1.6.7)
      mini_portile2 (~> 2.0.0.rc2)
    zk (1.9.6)
      zookeeper (~> 1.4.0)
    zookeeper (1.4.11)

PLATFORMS
  ruby

DEPENDENCIES
  synapse!

BUNDLED WITH
   1.10.6
