GIT
  remote: git://github.com/democracyworks/synapse.git
  revision: 2f465bcdc35a196197ccc4becdf3fe38dc305a3c
  branch: v0.12.1-democracyworks
  specs:
    synapse (0.12.1)
      aws-sdk (~> 1.39)
      docker-api (~> 1.7)
      logging (~> 1.8)
      zk (~> 1.9.4)

GEM
  remote: https://rubygems.org/
  specs:
    aws-sdk (1.66.0)
      aws-sdk-v1 (= 1.66.0)
    aws-sdk-v1 (1.66.0)
      json (~> 1.4)
      nokogiri (>= 1.4.4)
    docker-api (1.26.0)
      excon (>= 0.38.0)
      json
    excon (0.45.4)
    json (1.8.3)
    little-plugger (1.1.4)
    logging (1.8.2)
      little-plugger (>= 1.1.3)
      multi_json (>= 1.8.4)
    mini_portile2 (2.0.0)
    multi_json (1.11.2)
    nokogiri (1.6.7.2)
      mini_portile2 (~> 2.0.0.rc2)
    zk (1.9.6)
      zookeeper (~> 1.4.0)
    zookeeper (1.4.11)

PLATFORMS
  ruby

DEPENDENCIES
  synapse!

BUNDLED WITH
   1.10.6
