GEM
  remote: https://rubygems.org/
  specs:
    aws-sdk (1.66.0)
      aws-sdk-v1 (= 1.66.0)
    aws-sdk-v1 (1.66.0)
      json (~> 1.4)
      nokogiri (>= 1.4.4)
    docker-api (1.33.1)
      excon (>= 0.38.0)
      json
    excon (0.54.0)
    json (1.8.3)
    little-plugger (1.1.4)
    logging (1.8.2)
      little-plugger (>= 1.1.3)
      multi_json (>= 1.8.4)
    mini_portile2 (2.1.0)
    multi_json (1.12.1)
    nokogiri (1.6.8.1)
      mini_portile2 (~> 2.1.0)
    synapse (0.13.8)
      aws-sdk (~> 1.39)
      docker-api (~> 1.7)
      logging (~> 1.8)
      zk (~> 1.9.4)
    zk (1.9.6)
      zookeeper (~> 1.4.0)
    zookeeper (1.4.11)

PLATFORMS
  ruby

DEPENDENCIES
  synapse (~> 0.13.8)

BUNDLED WITH
   1.13.6
